PATH
  remote: .
  specs:
    palava_machine (1.0.1)
      bson_ext
      bundler
      daemons
      em-hiredis (~> 0.2.1)
      em-websocket
      hiredis (~> 0.4.5)
      local_port
      logger-colors
      mongo
      rake
      redis (>= 2.2.0)
      resque
      resque-scheduler
      whiskey_disk

GEM
  remote: https://rubygems.org/
  specs:
    bson (1.12.5)
    bson_ext (1.12.5)
      bson (~> 1.12.5)
    daemons (1.2.3)
    diff-lcs (1.2.5)
    em-hiredis (0.2.1)
      hiredis (~> 0.4.0)
    em-websocket (0.5.1)
      eventmachine (>= 0.12.9)
      http_parser.rb (~> 0.6.0)
    eventmachine (1.2.0.1)
    hiredis (0.4.5)
    http_parser.rb (0.6.0)
    local_port (0.1.0)
    logger-colors (1.0.0)
    mongo (1.12.5)
      bson (= 1.12.5)
    mono_logger (1.1.0)
    multi_json (1.11.2)
    rack (1.6.13)
    rack-protection (1.5.5)
      rack
    rake (11.1.1)
    redis (3.2.2)
    redis-namespace (1.5.2)
      redis (~> 3.0, >= 3.0.4)
    resque (1.26.0)
      mono_logger (~> 1.0)
      multi_json (~> 1.0)
      redis-namespace (~> 1.3)
      sinatra (>= 0.9.2)
      vegas (~> 0.1.2)
    resque-scheduler (4.1.0)
      mono_logger (~> 1.0)
      redis (~> 3.0)
      resque (~> 1.25)
      rufus-scheduler (~> 3.0)
    rspec (3.4.0)
      rspec-core (~> 3.4.0)
      rspec-expectations (~> 3.4.0)
      rspec-mocks (~> 3.4.0)
    rspec-core (3.4.4)
      rspec-support (~> 3.4.0)
    rspec-expectations (3.4.0)
      diff-lcs (>= 1.2.0, < 2.0)
      rspec-support (~> 3.4.0)
    rspec-mocks (3.4.1)
      diff-lcs (>= 1.2.0, < 2.0)
      rspec-support (~> 3.4.0)
    rspec-support (3.4.1)
    rufus-scheduler (3.2.0)
    sinatra (1.4.7)
      rack (~> 1.5)
      rack-protection (~> 1.4)
      tilt (>= 1.3, < 3)
    tilt (2.0.2)
    vegas (0.1.11)
      rack (>= 1.0.0)
    whiskey_disk (0.6.24)
      rake

PLATFORMS
  ruby

DEPENDENCIES
  palava_machine!
  rspec

BUNDLED WITH
   1.11.2
